PATH
  remote: ../rulers
  specs:
    rulers (0.0.2)
      erubis
      multi_json
      rack

GEM
  remote: https://rubygems.org/
  specs:
    coderay (1.1.1)
    erubis (2.7.0)
    ffi (1.9.10)
    listen (1.3.1)
      rb-fsevent (>= 0.9.3)
      rb-inotify (>= 0.9)
      rb-kqueue (>= 0.2)
    method_source (0.8.2)
    multi_json (1.11.2)
    pry (0.10.3)
      coderay (~> 1.1.0)
      method_source (~> 0.8.1)
      slop (~> 3.4)
    rack (1.6.4)
    rb-fsevent (0.9.7)
    rb-inotify (0.9.7)
      ffi (>= 0.5.0)
    rb-kqueue (0.2.4)
      ffi (>= 0.5.0)
    rerun (0.8.1)
      listen (>= 1.0.3)
    slop (3.6.0)

PLATFORMS
  ruby

DEPENDENCIES
  listen (= 1.3.1)
  pry
  rerun
  rulers!

BUNDLED WITH
   1.11.2
